GEM
  remote: https://rubygems.org/
  specs:
    RedCloth (4.2.9)
    activesupport (3.2.19)
      i18n (~> 0.6, >= 0.6.4)
      multi_json (~> 1.0)
    better_errors (1.0.1)
      coderay (>= 1.0.0)
      erubis (>= 2.6.6)
    chronic (0.10.2)
    chunky_png (1.3.1)
    coderay (1.1.0)
    coffee-script (2.2.0)
      coffee-script-source
      execjs
    coffee-script-source (1.7.1)
    colorize (0.5.8)
    commonjs (0.2.7)
    compass (0.12.7)
      chunky_png (~> 1.2)
      fssm (>= 0.2.7)
      sass (~> 3.2.19)
    daemons (1.1.9)
    dragonfly (0.9.15)
      multi_json (~> 1.0)
      rack
    erubis (2.7.0)
    eventmachine (1.0.3)
    execjs (2.2.1)
    faker (0.9.5)
      i18n (~> 0.4)
    fssm (0.2.10)
    haml (4.0.5)
      tilt
    hike (1.2.3)
    httmultiparty (0.3.10)
      httparty (>= 0.7.3)
      multipart-post
    httparty (0.13.1)
      json (~> 1.8)
      multi_xml (>= 0.5.2)
    i18n (0.6.11)
    json (1.8.1)
    less (2.2.2)
      commonjs (~> 0.2.6)
    listen (0.7.3)
    locomotivecms-liquid (2.6.0)
    locomotivecms-solid (0.2.2.1)
      locomotivecms-liquid (~> 2.6.0)
    locomotivecms_mounter (1.4.1)
      RedCloth (~> 4.2.3)
      activesupport (~> 3.2.18)
      chronic (~> 0.10.2)
      coffee-script (~> 2.2.0)
      colorize (~> 0.5.8)
      compass (~> 0.12.2)
      haml (~> 4.0.5)
      httmultiparty (= 0.3.10)
      i18n (~> 0.6.0)
      json (~> 1.8.0)
      less (~> 2.2.1)
      logger
      mime-types (~> 1.19)
      multi_json (~> 1.8.4)
      sass (~> 3.2.12)
      sprockets (~> 2.0)
      sprockets-sass
      stringex (~> 2.0.3)
      tilt (= 1.4.1)
      tzinfo (~> 0.3.29)
      zip (~> 2.0.2)
    locomotivecms_wagon (1.4.0)
      RedCloth (~> 4.2.8)
      activesupport (~> 3.2.11)
      better_errors (~> 1.0.1)
      dragonfly (~> 0.9.12)
      faker (~> 0.9.5)
      httmultiparty (= 0.3.10)
      listen (~> 0.7.0)
      locomotivecms-solid (~> 0.2.2.1)
      locomotivecms_mounter (~> 1.4.0)
      rack-cache (~> 1.1)
      redcarpet (~> 3.0.0)
      sprockets (~> 2.0)
      sprockets-sass (~> 1.0.1)
      thin (~> 1.5.1)
      thor
      will_paginate (~> 3.0.3)
    logger (1.2.8)
    mime-types (1.25.1)
    multi_json (1.8.4)
    multi_xml (0.5.5)
    multipart-post (2.0.0)
    rack (1.5.2)
    rack-cache (1.2)
      rack (>= 0.4)
    rb-fsevent (0.9.4)
    redcarpet (3.0.0)
    sass (3.2.19)
    sprockets (2.12.1)
      hike (~> 1.2)
      multi_json (~> 1.0)
      rack (~> 1.0)
      tilt (~> 1.1, != 1.3.0)
    sprockets-sass (1.0.3)
      sprockets (~> 2.0)
      tilt (~> 1.1)
    stringex (2.0.11)
    susy (1.0.9)
      compass (>= 0.12.2)
      sass (>= 3.2.0)
    thin (1.5.1)
      daemons (>= 1.0.9)
      eventmachine (>= 0.12.6)
      rack (>= 1.0.0)
    thor (0.19.1)
    tilt (1.4.1)
    tzinfo (0.3.40)
    will_paginate (3.0.7)
    zip (2.0.2)

PLATFORMS
  ruby

DEPENDENCIES
  locomotivecms_wagon (~> 1.4.0)
  rb-fsevent (~> 0.9.1)
  susy
